GEM
  remote: https://rubygems.org/
  specs:
    bigdecimal (3.1.4)
    csv (3.2.6)
    httparty (0.21.0)
      mini_mime (>= 1.0.0)
      multi_xml (>= 0.5.2)
    mini_mime (1.1.2)
    multi_xml (0.6.0)
    sqlite3 (1.6.3-x86_64-linux)

PLATFORMS
  x86_64-linux

DEPENDENCIES
  bigdecimal
  csv
  httparty
  sqlite3

BUNDLED WITH
   2.4.14
