GEM
  remote: https://rubygems.org/
  specs:
    csv (3.2.7)
    httparty (0.21.0)
      mini_mime (>= 1.0.0)
      multi_xml (>= 0.5.2)
    mini_mime (1.1.2)
    multi_xml (0.6.0)
    pg (1.5.3)

PLATFORMS
  x86_64-linux

DEPENDENCIES
  csv
  httparty
  pg

BUNDLED WITH
   2.4.14
